GEM
  remote: https://rubygems.org/
  specs:
    algorithms (0.6.1)
    coderay (1.0.9)
    colorize (0.5.8)
    method_source (0.8.1)
    pry (1.0.0.pre1)
      coderay (~> 1.0.5)
      method_source (~> 0.8)
      slop (~> 3.4)
    slop (3.4.4)

PLATFORMS
  ruby

DEPENDENCIES
  algorithms
  colorize
  pry (~> 1.0.0.pre1)
